PATH
  remote: .
  specs:
    eno (0.5)
      modulation (= 0.18)

GEM
  remote: https://rubygems.org/
  specs:
    modulation (0.18)
    pg (1.1.3)
    sqlite3 (1.3.13)

PLATFORMS
  ruby

DEPENDENCIES
  eno!
  pg (= 1.1.3)
  sqlite3 (= 1.3.13)

BUNDLED WITH
   2.1.4
