PATH
  remote: .
  specs:
    eno (0.5)

GEM
  remote: https://rubygems.org/
  specs:
    minitest (5.22.2)
    pg (1.5.3)
    rake (13.0.6)
    yard (0.9.35)

PLATFORMS
  x86_64-linux

DEPENDENCIES
  eno!
  minitest (= 5.22.2)
  pg (= 1.5.3)
  rake (~> 13.0.6)
  yard (= 0.9.35)

BUNDLED WITH
   2.4.1
