PATH
  remote: .
  specs:
    eno (0.5)

GEM
  remote: https://rubygems.org/
  specs:
    minitest (5.15.0)
    pg (1.1.3)
    sqlite3 (1.3.13)
    webrick (1.7.0)
    yard (0.9.27)
      webrick (~> 1.7.0)

PLATFORMS
  x86_64-linux

DEPENDENCIES
  eno!
  minitest (= 5.15.0)
  pg (= 1.1.3)
  sqlite3 (= 1.3.13)
  yard (= 0.9.27)

BUNDLED WITH
   2.4.1
