PATH
  remote: .
  specs:
    eno (0.5)
      modulation (= 0.18)

GEM
  remote: https://rubygems.org/
  specs:
    modulation (0.18)
    pg (1.1.3)

PLATFORMS
  ruby

DEPENDENCIES
  eno!
  pg (= 1.1.3)

BUNDLED WITH
   1.17.2
